GEM
  remote: https://rubygems.org/
  specs:
    capybara (2.0.3)
      mime-types (>= 1.16)
      nokogiri (>= 1.3.3)
      rack (>= 1.0.0)
      rack-test (>= 0.5.4)
      selenium-webdriver (~> 2.0)
      xpath (~> 1.0.0)
    childprocess (0.3.9)
      ffi (~> 1.0, >= 1.0.11)
    ffi (1.8.1)
    json (1.7.7)
    mime-types (1.23)
    multi_json (1.7.3)
    nokogiri (1.5.9)
    rack (1.5.2)
    rack-test (0.6.2)
      rack (>= 1.0)
    rubyzip (0.9.9)
    selenium-webdriver (2.32.1)
      childprocess (>= 0.2.5)
      multi_json (~> 1.0)
      rubyzip
      websocket (~> 1.0.4)
    tlsmail (0.0.1)
    websocket (1.0.7)
    xpath (1.0.0)
      nokogiri (~> 1.3)

PLATFORMS
  ruby

DEPENDENCIES
  capybara (= 2.0.3)
  json (~> 1.7.7)
  tlsmail (= 0.0.1)
