GEM
  specs:
    builder (3.0.0)
    geminabox (0.4.0)
      builder
      sinatra
    haml (3.1.4)
    rack (1.4.0)
    rack-protection (1.2.0)
      rack
    sinatra (1.3.2)
      rack (>= 1.3.6, ~> 1.3)
      rack-protection (~> 1.2)
      tilt (>= 1.3.3, ~> 1.3)
    tilt (1.3.3)

PLATFORMS
  ruby

DEPENDENCIES
  geminabox
  haml
  sinatra
